GIT
  remote: git://github.com/KernelMadness/cramp.git
  revision: 5980fa5443fe5bd78a2c8acd34200beb60463265
  specs:
    cramp (0.15.1)
      activesupport (~> 3.0.9)
      eventmachine (~> 1.0.0.beta.3)
      faye-websocket (~> 0.4.5)
      rack (~> 1.3.2)
      thor (~> 0.14.6)

GIT
  remote: git://github.com/mloughran/em-hiredis.git
  revision: aa5ae6bd019946a492e1879f5f8f860fef9b49f0
  specs:
    em-hiredis (0.1.1)
      hiredis (~> 0.4.0)

GEM
  remote: http://rubygems.org/
  specs:
    activesupport (3.0.16)
    async-rack (0.5.1)
      rack (~> 1.1)
    daemons (1.1.8)
    eventmachine (1.0.0.rc.4)
    faye-websocket (0.4.6)
      eventmachine (>= 0.12.0)
    hiredis (0.4.5)
    http_router (0.11.0)
      rack (>= 1.0.0)
      url_mount (~> 0.2.1)
    rack (1.3.6)
    thin (1.4.1)
      daemons (>= 1.0.9)
      eventmachine (>= 0.12.6)
      rack (>= 1.0.0)
    thor (0.14.6)
    url_mount (0.2.1)
      rack
    yajl-ruby (1.1.0)

PLATFORMS
  ruby

DEPENDENCIES
  async-rack
  cramp!
  em-hiredis!
  http_router
  thin
  yajl-ruby
