GIT
  remote: git://github.com/mloughran/em-hiredis.git
  revision: cae1c8686973f40818209a15f35bff0998edb597
  specs:
    em-hiredis (0.3.0)
      eventmachine (~> 1.0)
      hiredis (~> 0.5.0)

GIT
  remote: git://github.com/whoward/cramp.git
  revision: 3e1bc247d63147ddd7e0e734b79a47b738ee9225
  specs:
    cramp (0.15.1)
      activesupport (>= 3.0.9)
      eventmachine (~> 1.0.0.beta.3)
      faye-websocket (~> 0.4.5)
      rack (~> 1.3.2)
      thor (~> 0.14.6)

GEM
  remote: https://www.rubygems.org/
  specs:
    active_attr (0.6.0)
      activemodel (>= 3.0.2, < 4.1)
      activesupport (>= 3.0.2, < 4.1)
    activemodel (3.2.22.5)
      activesupport (= 3.2.22.5)
      builder (~> 3.0.0)
    activesupport (3.2.22.5)
      i18n (~> 0.6, >= 0.6.4)
      multi_json (~> 1.0)
    async-rack (0.5.1)
      rack (~> 1.1)
    bcrypt-ruby (3.0.1)
    bson (1.12.3)
    bson_ext (1.12.3)
      bson (~> 1.12.3)
    builder (3.0.4)
    coffee-script (2.4.1)
      coffee-script-source
      execjs
    coffee-script-source (1.9.1.1)
    concurrent-ruby (1.1.6)
    daemons (1.2.3)
    eventmachine (1.0.7)
    execjs (2.5.2)
    faye-websocket (0.4.7)
      eventmachine (>= 0.12.0)
    hiredis (0.5.2)
    http_router (0.11.0)
      rack (>= 1.0.0)
      url_mount (~> 0.2.1)
    i18n (0.9.5)
      concurrent-ruby (~> 1.0)
    libv8 (3.16.14.11)
    mongoid (3.0.23)
      activemodel (~> 3.1)
      moped (~> 1.2)
      origin (~> 1.0)
      tzinfo (~> 0.3.22)
    moped (1.5.3)
    multi_json (1.15.0)
    origin (1.1.0)
    rack (1.3.10)
    rake (13.0.1)
    ref (1.0.5)
    sass (3.4.15)
    sprockets (4.0.0)
      concurrent-ruby (~> 1.0)
      rack (> 1, < 3)
    therubyracer (0.12.2)
      libv8 (~> 3.16.14.0)
      ref
    thin (1.4.1)
      daemons (>= 1.0.9)
      eventmachine (>= 0.12.6)
      rack (>= 1.0.0)
    thor (0.14.6)
    tzinfo (0.3.44)
    url_mount (0.2.1)
      rack
    yajl-ruby (1.4.2)

PLATFORMS
  ruby

DEPENDENCIES
  active_attr (= 0.6.0)
  activesupport (= 3.2.22.5)
  async-rack (= 0.5.1)
  bcrypt-ruby (= 3.0.1)
  bson_ext (= 1.12.3)
  coffee-script (= 2.4.1)
  cramp!
  em-hiredis!
  http_router (= 0.11.0)
  mongoid (= 3.0.23)
  rake
  sass (= 3.4.15)
  sprockets (= 4.0.0)
  therubyracer (= 0.12.2)
  thin (= 1.4.1)
  yajl-ruby (= 1.4.2)
