GIT
  remote: git://github.com/mloughran/em-hiredis.git
  revision: aa5ae6bd019946a492e1879f5f8f860fef9b49f0
  specs:
    em-hiredis (0.1.1)
      hiredis (~> 0.4.0)

GIT
  remote: git://github.com/whoward/cramp.git
  revision: 3e1bc247d63147ddd7e0e734b79a47b738ee9225
  specs:
    cramp (0.15.1)
      activesupport (>= 3.0.9)
      eventmachine (~> 1.0.0.beta.3)
      faye-websocket (~> 0.4.5)
      rack (~> 1.3.2)
      thor (~> 0.14.6)

GEM
  remote: https://www.rubygems.org/
  specs:
    activemodel (3.1.0)
      activesupport (= 3.1.0)
      bcrypt-ruby (~> 3.0.0)
      builder (~> 3.0.0)
      i18n (~> 0.6)
    activesupport (3.1.0)
      multi_json (~> 1.0)
    async-rack (0.5.1)
      rack (~> 1.1)
    bcrypt-ruby (3.0.1)
    bson (1.6.4)
    bson_ext (1.6.4)
      bson (~> 1.6.4)
    builder (3.0.0)
    coffee-script (2.2.0)
      coffee-script-source
      execjs
    coffee-script-source (1.3.3)
    daemons (1.1.8)
    diff-lcs (1.2.5)
    eventmachine (1.0.0.rc.4)
    execjs (1.4.0)
      multi_json (~> 1.0)
    faye-websocket (0.4.6)
      eventmachine (>= 0.12.0)
    hike (1.2.1)
    hiredis (0.4.5)
    http_router (0.11.0)
      rack (>= 1.0.0)
      url_mount (~> 0.2.1)
    i18n (0.6.0)
    libv8 (3.3.10.4)
    mongoid (3.0.3)
      activemodel (~> 3.1)
      moped (~> 1.1)
      origin (~> 1.0)
      tzinfo (~> 0.3.22)
    moped (1.2.0)
    multi_json (1.3.6)
    origin (1.0.4)
    rack (1.3.6)
    rake (0.9.2.2)
    rspec (2.14.1)
      rspec-core (~> 2.14.0)
      rspec-expectations (~> 2.14.0)
      rspec-mocks (~> 2.14.0)
    rspec-core (2.14.7)
    rspec-expectations (2.14.4)
      diff-lcs (>= 1.1.3, < 2.0)
    rspec-mocks (2.14.4)
    sass (3.1.20)
    sprockets (2.4.5)
      hike (~> 1.2)
      multi_json (~> 1.0)
      rack (~> 1.0)
      tilt (~> 1.1, != 1.3.0)
    therubyracer (0.10.1)
      libv8 (~> 3.3.10)
    thin (1.4.1)
      daemons (>= 1.0.9)
      eventmachine (>= 0.12.6)
      rack (>= 1.0.0)
    thor (0.14.6)
    tilt (1.3.3)
    tzinfo (0.3.33)
    url_mount (0.2.1)
      rack
    yajl-ruby (1.1.0)

PLATFORMS
  ruby

DEPENDENCIES
  activesupport (= 3.1.0)
  async-rack (= 0.5.1)
  bcrypt-ruby (= 3.0.1)
  bson_ext (= 1.6.4)
  coffee-script (= 2.2.0)
  cramp!
  em-hiredis!
  http_router (= 0.11.0)
  mongoid (= 3.0.3)
  rake
  rspec
  sass (= 3.1.20)
  sprockets (= 2.4.5)
  therubyracer (= 0.10.1)
  thin (= 1.4.1)
  yajl-ruby (= 1.1.0)
